PATH
  remote: .
  specs:
    t_chatter (0.1.2.1)
      faraday
      json

GEM
  remote: https://rubygems.org/
  specs:
    faraday (0.9.2)
      multipart-post (>= 1.2, < 3)
    json (1.8.3)
    multipart-post (2.0.0)
    rake (10.4.2)

PLATFORMS
  ruby

DEPENDENCIES
  bundler (~> 1.10)
  rake (~> 10.0)
  t_chatter!

BUNDLED WITH
   1.10.6
